GEM
  remote: https://rubygems.org/
  specs:
    activesupport (4.2.6)
      i18n (~> 0.7)
      json (~> 1.7, >= 1.7.7)
      minitest (~> 5.1)
      thread_safe (~> 0.3, >= 0.3.4)
      tzinfo (~> 1.1)
    aws-sdk (2.2.26)
      aws-sdk-resources (= 2.2.26)
    aws-sdk-core (2.2.26)
      jmespath (~> 1.0)
    aws-sdk-resources (2.2.26)
      aws-sdk-core (= 2.2.26)
    backports (3.6.8)
    beaneater (1.0.0)
    bigdecimal (1.2.7)
    coderay (1.1.1)
    dotenv (2.1.0)
    excon (0.48.0)
    faraday (0.9.2)
      multipart-post (>= 1.2, < 3)
    faraday_middleware (0.10.0)
      faraday (>= 0.7.4, < 0.10)
    i18n (0.7.0)
    jmespath (1.1.3)
    json (1.8.3)
    jsonpath (0.5.8)
      multi_json
    little-plugger (1.1.4)
    logging (2.0.0)
      little-plugger (~> 1.1)
      multi_json (~> 1.10)
    method_source (0.8.2)
    mini_portile2 (2.0.0)
    minitest (5.8.4)
    multi_json (1.11.2)
    multipart-post (2.0.0)
    nokogiri (1.6.7.2)
      mini_portile2 (~> 2.0.0.rc2)
    parallel (1.6.2)
    pry (0.10.3)
      coderay (~> 1.1.0)
      method_source (~> 0.8.1)
      slop (~> 3.4)
    pry-remote (0.1.8)
      pry (~> 0.9)
      slop (~> 3.0)
    rack (1.6.4)
    rack-protection (1.5.3)
      rack
    rack-test (0.6.3)
      rack (>= 1.0)
    sinatra (1.4.7)
      rack (~> 1.5)
      rack-protection (~> 1.4)
      tilt (>= 1.3, < 3)
    sinatra-contrib (1.4.6)
      backports (>= 2.0)
      multi_json
      rack-protection
      rack-test
      sinatra (~> 1.4.0)
      tilt (>= 1.3, < 3)
    slop (3.6.0)
    thread_safe (0.3.5)
    tilt (2.0.2)
    tzinfo (1.2.2)
      thread_safe (~> 0.1)

PLATFORMS
  ruby

DEPENDENCIES
  activesupport
  aws-sdk (~> 2)
  beaneater
  bigdecimal
  dotenv
  excon
  faraday
  faraday_middleware
  json
  jsonpath
  logging
  minitest
  nokogiri
  parallel
  pry-remote
  sinatra
  sinatra-contrib
  slop

BUNDLED WITH
   1.10.6
