GEM
  remote: https://rubygems.org/
  specs:
    beaneater (1.0.0)
    dotenv (2.0.2)
    faraday (0.9.2)
      multipart-post (>= 1.2, < 3)
    multipart-post (2.0.0)
    slop (4.2.0)

PLATFORMS
  ruby

DEPENDENCIES
  beaneater
  dotenv
  faraday
  slop

BUNDLED WITH
   1.10.6
