GEM
  remote: https://rubygems.org/
  specs:
    beaneater (1.0.0)
    byebug (8.2.0)
    dotenv (2.0.2)
    excon (0.45.4)
    faraday (0.9.2)
      multipart-post (>= 1.2, < 3)
    faraday_middleware (0.10.0)
      faraday (>= 0.7.4, < 0.10)
    minitest (5.8.2)
    multipart-post (2.0.0)
    parallel (1.6.1)
    rack (1.6.4)
    rack-protection (1.5.3)
      rack
    sinatra (1.4.6)
      rack (~> 1.4)
      rack-protection (~> 1.4)
      tilt (>= 1.3, < 3)
    slop (4.2.0)
    tilt (2.0.1)

PLATFORMS
  ruby

DEPENDENCIES
  beaneater
  byebug
  dotenv
  excon
  faraday
  faraday_middleware
  minitest
  parallel
  sinatra
  slop

BUNDLED WITH
   1.10.6
