GEM
  remote: https://rubygems.org/
  specs:
    aws-sdk (2.2.4)
      aws-sdk-resources (= 2.2.4)
    aws-sdk-core (2.2.4)
      jmespath (~> 1.0)
    aws-sdk-resources (2.2.4)
      aws-sdk-core (= 2.2.4)
    backports (3.6.7)
    beaneater (1.0.0)
    bigdecimal (1.2.6)
    byebug (8.2.0)
    dotenv (2.0.2)
    excon (0.45.4)
    faraday (0.9.2)
      multipart-post (>= 1.2, < 3)
    faraday_middleware (0.10.0)
      faraday (>= 0.7.4, < 0.10)
    jmespath (1.1.3)
    json (1.8.3)
    jsonpath (0.5.8)
      multi_json
    little-plugger (1.1.4)
    logging (2.0.0)
      little-plugger (~> 1.1)
      multi_json (~> 1.10)
    mini_portile (0.6.2)
    minitest (5.8.2)
    multi_json (1.11.2)
    multipart-post (2.0.0)
    nokogiri (1.6.6.4)
      mini_portile (~> 0.6.0)
    parallel (1.6.1)
    rack (1.6.4)
    rack-protection (1.5.3)
      rack
    rack-test (0.6.3)
      rack (>= 1.0)
    sinatra (1.4.6)
      rack (~> 1.4)
      rack-protection (~> 1.4)
      tilt (>= 1.3, < 3)
    sinatra-contrib (1.4.6)
      backports (>= 2.0)
      multi_json
      rack-protection
      rack-test
      sinatra (~> 1.4.0)
      tilt (>= 1.3, < 3)
    slop (4.2.0)
    tilt (2.0.1)

PLATFORMS
  ruby

DEPENDENCIES
  aws-sdk (~> 2)
  beaneater
  bigdecimal
  byebug
  dotenv
  excon
  faraday
  faraday_middleware
  json
  jsonpath
  logging
  minitest
  nokogiri
  parallel
  sinatra
  sinatra-contrib
  slop

BUNDLED WITH
   1.10.6
